GEM
  remote: https://rubygems.org/
  specs:
    metaclass (0.0.4)
    mini_portile (0.6.0)
    minitest (5.4.2)
    mocha (1.1.0)
      metaclass (~> 0.0.1)
    nokogiri (1.6.3.1)
      mini_portile (= 0.6.0)
    settingslogic (2.0.9)
    slim (2.0.3)
      temple (~> 0.6.6)
      tilt (>= 1.3.3, < 2.1)
    stringex (2.5.2)
    temple (0.6.8)
    tilt (2.0.1)

PLATFORMS
  ruby

DEPENDENCIES
  minitest (= 5.4.2)
  mocha (= 1.1.0)
  nokogiri (= 1.6.3.1)
  settingslogic (= 2.0.9)
  slim (= 2.0.3)
  stringex (= 2.5.2)
